GEM
  remote: https://rubygems.org/
  specs:
    chunky_png (1.3.11)
    minitest (5.11.3)
    quirc (0.1.1)
    rqrcode (1.1.2)
      chunky_png (~> 1.0)
      rqrcode_core (~> 0.1)
    rqrcode_core (0.1.1)

PLATFORMS
  ruby

DEPENDENCIES
  chunky_png
  minitest
  quirc
  rqrcode

RUBY VERSION
   ruby 2.6.2p47

BUNDLED WITH
   1.17.2
