GEM
  remote: https://rubygems.org/
  specs:
    chunky_png (1.4.0)
    minitest (5.11.3)
    quirc (0.1.1)
    rqrcode (2.0.0)
      chunky_png (~> 1.0)
      rqrcode_core (~> 1.0)
    rqrcode_core (1.0.0)

PLATFORMS
  ruby

DEPENDENCIES
  minitest
  quirc
  rqrcode (~> 2.0)

RUBY VERSION
   ruby 3.0.0p0

BUNDLED WITH
   2.2.19
